GIT
  remote: https://github.com/peterkeen/gollum
  revision: b836b0e273d8ded8749e9eb36550f96bd2ff6e5d
  ref: upload-base-path
  specs:
    gollum (2.5.2)
      github-markdown (~> 0.5.5)
      gollum-lib (~> 1.0, >= 1.0.9)
      mustache (>= 0.99.4, < 1.0.0)
      sinatra (~> 1.4, >= 1.4.3)
      useragent (~> 0.8.2)

GIT
  remote: https://github.com/toy/image_optim.git
  revision: ad6e62818e031da80b9ce8dfc62e0d454ad9dd8a
  specs:
    image_optim (0.9.1)
      exifr (~> 1.1.3)
      fspath (~> 2.1.0)
      image_size (~> 1.1.2)
      in_threads (~> 1.2.0)
      progress (~> 3.0.0)

GEM
  remote: https://rubygems.org/
  specs:
    charlock_holmes (0.6.9.4)
    diff-lcs (1.2.5)
    dotenv (0.9.0)
    exifr (1.1.3)
    fspath (2.1.0)
    github-markdown (0.5.5)
    github-markup (0.7.5)
    gitlab-grit (2.6.0)
      charlock_holmes (~> 0.6.9)
      diff-lcs (~> 1.1)
      mime-types (~> 1.15)
      posix-spawn (~> 0.3.6)
    gollum-lib (1.0.9)
      github-markup (>= 0.7.5, < 1.0.0)
      gitlab-grit (= 2.6.0)
      nokogiri (~> 1.6.0)
      pygments.rb (~> 0.5.2)
      sanitize (~> 2.0.6)
      stringex (~> 2.1.0)
    image_size (1.1.5)
    in_threads (1.2.0)
    libv8 (3.16.14.3)
    lru_redux (0.8.1)
    mime-types (1.25.1)
    mini_portile (0.5.2)
    mustache (0.99.5)
    nokogiri (1.6.1)
      mini_portile (~> 0.5.0)
    posix-spawn (0.3.8)
    progress (3.0.0)
    puma (2.7.1)
      rack (>= 1.1, < 2.0)
    pygments.rb (0.5.4)
      posix-spawn (~> 0.3.6)
      yajl-ruby (~> 1.1.0)
    rack (1.5.2)
    rack-protection (1.5.1)
      rack
    ref (1.0.5)
    sanitize (2.0.6)
      nokogiri (>= 1.4.4)
    sinatra (1.4.4)
      rack (~> 1.4)
      rack-protection (~> 1.4)
      tilt (~> 1.3, >= 1.3.4)
    stringex (2.1.2)
    therubyracer (0.12.0)
      libv8 (~> 3.16.14.0)
      ref
    tilt (1.4.1)
    useragent (0.8.3)
    yajl-ruby (1.1.0)
    yui-compressor (0.12.0)

PLATFORMS
  ruby

DEPENDENCIES
  dotenv
  gollum!
  image_optim!
  lru_redux
  puma
  rack
  therubyracer
  yui-compressor
